GIT
  remote: https://github.com/lawrencepit/ruby-saml-idp.git
  revision: ae53d76af08711affaeb182e7a877676ab554818
  specs:
    ruby-saml-idp (0.3.2)
      uuid

PATH
  remote: .
  specs:
    fake_idp (0.4.0)
      ruby-saml-idp
      sinatra (~> 1.4.8)

GEM
  remote: https://rubygems.org/
  specs:
    diff-lcs (1.2.5)
    dotenv (1.0.2)
    macaddr (1.7.1)
      systemu (~> 2.6.2)
    rack (1.6.11)
    rack-protection (1.5.5)
      rack
    rake (10.5.0)
    rspec (3.4.0)
      rspec-core (~> 3.4.0)
      rspec-expectations (~> 3.4.0)
      rspec-mocks (~> 3.4.0)
    rspec-core (3.4.2)
      rspec-support (~> 3.4.0)
    rspec-expectations (3.4.0)
      diff-lcs (>= 1.2.0, < 2.0)
      rspec-support (~> 3.4.0)
    rspec-mocks (3.4.1)
      diff-lcs (>= 1.2.0, < 2.0)
      rspec-support (~> 3.4.0)
    rspec-support (3.4.1)
    sinatra (1.4.8)
      rack (~> 1.5)
      rack-protection (~> 1.4)
      tilt (>= 1.3, < 3)
    systemu (2.6.5)
    tilt (2.0.9)
    uuid (2.3.8)
      macaddr (~> 1.0)

PLATFORMS
  ruby

DEPENDENCIES
  bundler
  dotenv (~> 1.0)
  fake_idp!
  rake (~> 10.0)
  rspec (~> 3.0)
  ruby-saml-idp!

BUNDLED WITH
   2.0.2
